GIT
  remote: https://github.com/amro/gibbon.git
  revision: c07f0923372244bf50983cb4752ceb3f254461a1
  specs:
    gibbon (2.2.3)
      faraday (>= 0.9.1)
      multi_json (>= 1.11.0)

GEM
  remote: https://rubygems.org/
  specs:
    activesupport (4.1.15)
      i18n (~> 0.6, >= 0.6.9)
      json (~> 1.7, >= 1.7.7)
      minitest (~> 5.1)
      thread_safe (~> 0.1)
      tzinfo (~> 1.1)
    addressable (2.4.0)
    bcrypt-ruby (3.1.1)
    builder (3.2.2)
    cft-source (0.0.6)
    closure-compiler (1.1.10)
    coffee-script (2.2.0)
      coffee-script-source
      execjs
    coffee-script-source (1.6.3)
    daemons (1.2.3)
    dalli (2.6.4)
    dedent (0.0.2)
    dotenv (0.9.0)
    eco (1.0.0)
      coffee-script
      eco-source
      execjs
    eco-source (1.1.0.rc.1)
    erubis (2.7.0)
    eventmachine (1.2.0.1)
    execjs (2.6.0)
    faraday (0.9.2)
      multipart-post (>= 1.2, < 3)
    hashie (3.4.3)
    hike (1.2.3)
    i18n (0.6.11)
    json (1.7.7)
    jwt (1.5.1)
    kgio (2.10.0)
    mail (2.6.4)
      mime-types (>= 1.16, < 4)
    memcachier (0.0.2)
    mime-types (3.0)
      mime-types-data (~> 3.2015)
    mime-types-data (3.2016.0221)
    mini_portile (0.5.3)
    minitest (5.8.4)
    multi_json (1.11.3)
    multi_xml (0.5.5)
    multipart-post (2.0.0)
    nestful (1.0.2)
    nokogiri (1.6.0)
      mini_portile (~> 0.5.0)
    oauth (0.5.1)
    oauth2 (1.1.0)
      faraday (>= 0.8, < 0.10)
      jwt (~> 1.0, < 1.5.2)
      multi_json (~> 1.3)
      multi_xml (~> 0.5)
      rack (>= 1.2, < 3)
    omniauth (1.3.1)
      hashie (>= 1.2, < 4)
      rack (>= 1.0, < 3)
    omniauth-github (1.1.1)
      omniauth (~> 1.0)
      omniauth-oauth2 (~> 1.1)
    omniauth-oauth (1.1.0)
      oauth
      omniauth (~> 1.0)
    omniauth-oauth2 (1.4.0)
      oauth2 (~> 1.0)
      omniauth (~> 1.2)
    omniauth-twitter (1.0.0)
      multi_json (~> 1.3)
      omniauth-oauth (~> 1.0)
    pg (0.16.0)
    rack (1.6.4)
    rack-protection (1.5.3)
      rack
    rack-ssl (1.3.3)
      rack
    raindrops (0.16.0)
    rake (10.1.0)
    rdiscount (2.1.6)
    redis (3.0.4)
    sanitize (2.0.6)
      nokogiri (>= 1.4.4)
    sequel (4.0.0)
    sequel_postgresql_triggers (1.0.3)
    simple_oauth (0.3.1)
    sinatra (1.4.6)
      rack (~> 1.4)
      rack-protection (~> 1.4)
      tilt (>= 1.3, < 3)
    sinatra-sequel (0.9.0)
      sequel (>= 3.2.0)
      sinatra (>= 0.9.4)
    sprockets (2.9.3)
      hike (~> 1.2)
      multi_json (~> 1.0)
      rack (~> 1.0)
      tilt (~> 1.1, != 1.3.0)
    sprockets-commonjs (0.0.6)
      sprockets (~> 2.9.2)
    stylus (0.7.2)
      execjs
      stylus-source
    stylus-source (0.31.0)
    thin (1.6.4)
      daemons (~> 1.0, >= 1.0.9)
      eventmachine (~> 1.0, >= 1.0.4)
      rack (~> 1.0)
    thread_safe (0.3.5)
    tilt (1.4.1)
    twitter (4.8.1)
      faraday (~> 0.8, < 0.10)
      multi_json (~> 1.0)
      simple_oauth (~> 0.2)
    tzinfo (1.2.2)
      thread_safe (~> 0.1)
    uglifier (2.1.2)
      execjs (>= 0.3.0)
      multi_json (~> 1.0, >= 1.0.2)
    unicorn (4.6.3)
      kgio (~> 2.6)
      rack
      raindrops (~> 0.7)
    yui-compressor (0.11.0)

PLATFORMS
  ruby

DEPENDENCIES
  activesupport (~> 4.1.1)
  addressable
  bcrypt-ruby (= 3.1.1)
  builder
  cft-source (>= 0.0.6)
  closure-compiler (= 1.1.10)
  coffee-script (= 2.2.0)
  coffee-script-source (= 1.6.3)
  dalli (= 2.6.4)
  dedent (= 0.0.2)
  dotenv (= 0.9.0)
  eco
  erubis
  gibbon!
  i18n (~> 0.6.9)
  json (~> 1.7.7)
  mail
  memcachier
  nestful (= 1.0.2)
  nokogiri (= 1.6.0)
  omniauth-github (= 1.1.1)
  omniauth-twitter (= 1.0.0)
  pg (= 0.16.0)
  rack-ssl (= 1.3.3)
  rake (= 10.1.0)
  rdiscount (= 2.1.6)
  redis (= 3.0.4)
  sanitize (= 2.0.6)
  sequel (= 4.0.0)
  sequel_postgresql_triggers (= 1.0.3)
  sinatra (= 1.4.6)
  sinatra-sequel
  sprockets (= 2.9.3)
  sprockets-commonjs (= 0.0.6)
  stylus (= 0.7.2)
  stylus-source (= 0.31.0)
  thin
  twitter
  uglifier (= 2.1.2)
  unicorn (= 4.6.3)
  yui-compressor (= 0.11.0)

BUNDLED WITH
   1.11.2
